PATH
  remote: .
  specs:
    i81n (0.2.1)
      i18n

GEM
  remote: http://rubygems.org/
  specs:
    git (1.2.5)
    i18n (0.5.0)
    jeweler (1.5.2)
      bundler (~> 1.0.0)
      git (>= 1.2.5)
      rake
    rake (0.8.7)
    shoulda (2.11.3)

PLATFORMS
  ruby

DEPENDENCIES
  bundler
  i81n!
  jeweler
  shoulda
